GEM
  remote: https://rubygems.org/
  specs:
    base64 (0.2.0)
    bcp47_spec (0.2.1)
    bigdecimal (3.1.9)
    ebnf (2.6.0)
      base64 (~> 0.2)
      htmlentities (~> 4.3)
      rdf (~> 3.3)
      scanf (~> 1.0)
      sxp (~> 2.0)
      unicode-types (~> 1.8)
    htmlentities (4.3.4)
    link_header (0.0.8)
    logger (1.7.0)
    matrix (0.4.2)
    mustermann (3.0.3)
      ruby2_keywords (~> 0.0.1)
    nio4r (2.7.4)
    puma (6.6.0)
      nio4r (~> 2.0)
    rack (3.1.13)
    rack-protection (4.1.1)
      base64 (>= 0.1.0)
      logger (>= 1.6.0)
      rack (>= 3.0.0, < 4)
    rack-session (2.1.0)
      base64 (>= 0.1.0)
      rack (>= 3.0.0)
    rackup (2.2.1)
      rack (>= 3)
    rdf (3.3.2)
      bcp47_spec (~> 0.2)
      bigdecimal (~> 3.1, >= 3.1.5)
      link_header (~> 0.0, >= 0.0.8)
    rdf-turtle (3.3.1)
      base64 (~> 0.2)
      bigdecimal (~> 3.1, >= 3.1.5)
      ebnf (~> 2.5)
      rdf (~> 3.3)
    ruby2_keywords (0.0.5)
    scanf (1.0.0)
    sinatra (4.1.1)
      logger (>= 1.6.0)
      mustermann (~> 3.0)
      rack (>= 3.0.0, < 4)
      rack-protection (= 4.1.1)
      rack-session (>= 2.0.0, < 3)
      tilt (~> 2.0)
    sxp (2.0.0)
      matrix (~> 0.4)
      rdf (~> 3.3)
    tilt (2.6.0)
    unicode-types (1.10.0)

PLATFORMS
  ruby
  x86_64-darwin-24

DEPENDENCIES
  puma (~> 6.6)
  rackup (~> 2.2)
  rdf
  rdf-turtle
  sinatra

RUBY VERSION
   ruby 3.3.4p94

BUNDLED WITH
   2.5.11
